GEM
  remote: https://rubygems.org/
  specs:
    rake (13.0.6)

PLATFORMS
  x86_64-darwin-18

DEPENDENCIES
  rake (~> 13.0)

BUNDLED WITH
   2.4.8
